GIT
  remote: https://github.com/rake-compiler/rake-compiler.git
  revision: bf3a3c03cbafeeb49bc006505e037151797f6f0a
  specs:
    rake-compiler (1.1.2)
      rake

PATH
  remote: .
  specs:
    nanoid_ext (0.1.0)

GEM
  remote: https://rubygems.org/
  specs:
    diff-lcs (1.4.4)
    rake (12.3.3)
    rspec (3.10.0)
      rspec-core (~> 3.10.0)
      rspec-expectations (~> 3.10.0)
      rspec-mocks (~> 3.10.0)
    rspec-core (3.10.1)
      rspec-support (~> 3.10.0)
    rspec-expectations (3.10.1)
      diff-lcs (>= 1.2.0, < 2.0)
      rspec-support (~> 3.10.0)
    rspec-mocks (3.10.2)
      diff-lcs (>= 1.2.0, < 2.0)
      rspec-support (~> 3.10.0)
    rspec-support (3.10.2)

PLATFORMS
  ruby

DEPENDENCIES
  nanoid_ext!
  rake (~> 12.0)
  rake-compiler!
  rspec (~> 3.0)

BUNDLED WITH
   2.1.4
